GEM
  remote: https://rubygems.org/
  specs:
    connection_pool (2.2.0)
    diff-lcs (1.2.5)
    eventmachine (1.0.7)
    eventmachine_httpserver (0.2.2.4)
    hashie (3.4.1)
    httpclient (2.6.0.1)
    logger (1.2.8)
    mysql2 (0.3.18)
    rspec (3.2.0)
      rspec-core (~> 3.2.0)
      rspec-expectations (~> 3.2.0)
      rspec-mocks (~> 3.2.0)
    rspec-core (3.2.3)
      rspec-support (~> 3.2.0)
    rspec-expectations (3.2.1)
      diff-lcs (>= 1.2.0, < 2.0)
      rspec-support (~> 3.2.0)
    rspec-mocks (3.2.1)
      diff-lcs (>= 1.2.0, < 2.0)
      rspec-support (~> 3.2.0)
    rspec-support (3.2.2)

PLATFORMS
  ruby

DEPENDENCIES
  connection_pool
  eventmachine
  eventmachine_httpserver
  hashie
  httpclient
  logger
  mysql2
  rspec
